PATH
  remote: .
  specs:
    yoda-language-server (0.6.0)
      language_server-protocol (~> 3.7.0.0)
      leveldb (~> 0.1.9)
      lmdb (~> 0.4.8)
      parser (~> 2.0)
      parslet (~> 1.8)
      ruby-progressbar
      thor (~> 0.20.0)
      yard (~> 0.9.11)

GEM
  remote: https://rubygems.org/
  specs:
    ast (2.4.0)
    benchmark-perf (0.2.1)
    binding_of_caller (0.8.0)
      debug_inspector (>= 0.0.1)
    coderay (1.1.2)
    debug_inspector (0.0.3)
    diff-lcs (1.3)
    fiddler-rb (0.1.2)
    interception (0.5)
    language_server-protocol (3.7.0.0)
    leveldb (0.1.9)
      fiddler-rb (~> 0.1.1)
    lmdb (0.4.8)
    method_source (0.9.0)
    parser (2.5.1.2)
      ast (~> 2.4.0)
    parslet (1.8.2)
    pry (0.11.3)
      coderay (~> 1.1.0)
      method_source (~> 0.9.0)
    pry-rescue (1.4.5)
      interception (>= 0.5)
      pry
    pry-stack_explorer (0.4.9.2)
      binding_of_caller (>= 0.7)
      pry (>= 0.9.11)
    rake (10.5.0)
    rspec (3.7.0)
      rspec-core (~> 3.7.0)
      rspec-expectations (~> 3.7.0)
      rspec-mocks (~> 3.7.0)
    rspec-benchmark (0.3.0)
      benchmark-perf (~> 0.2.0)
      rspec (>= 3.0.0, < 4.0.0)
    rspec-core (3.7.1)
      rspec-support (~> 3.7.0)
    rspec-expectations (3.7.0)
      diff-lcs (>= 1.2.0, < 2.0)
      rspec-support (~> 3.7.0)
    rspec-mocks (3.7.0)
      diff-lcs (>= 1.2.0, < 2.0)
      rspec-support (~> 3.7.0)
    rspec-support (3.7.1)
    ruby-progressbar (1.10.0)
    stackprof (0.2.11)
    thor (0.20.0)
    yard (0.9.16)

PLATFORMS
  ruby

DEPENDENCIES
  bundler (~> 1.16)
  pry (~> 0.11)
  pry-rescue (~> 1.4)
  pry-stack_explorer (~> 0.4)
  rake (~> 10.0)
  rspec (~> 3.0)
  rspec-benchmark (~> 0.3)
  stackprof
  yoda-language-server!

BUNDLED WITH
   1.16.1
